GEM
  remote: https://rubygems.org/
  specs:
    abroad (4.5.0)
      htmlentities (~> 4.0)
      json-stream (~> 0.0)
      json-write-stream (~> 1.2)
      nokogiri (>= 1.0, < 1.8)
      xml-write-stream (~> 1.0)
      yaml-write-stream (~> 2.0)
    addressable (2.5.2)
      public_suffix (>= 2.0.2, < 4.0)
    aws-sdk (2.11.54)
      aws-sdk-resources (= 2.11.54)
    aws-sdk-core (2.11.54)
      aws-sigv4 (~> 1.0)
      jmespath (~> 1.0)
    aws-sdk-resources (2.11.54)
      aws-sdk-core (= 2.11.54)
    aws-sigv4 (1.0.2)
    backports (3.11.3)
    celluloid (0.17.3)
      celluloid-essentials
      celluloid-extras
      celluloid-fsm
      celluloid-pool
      celluloid-supervision
      timers (>= 4.1.1)
    celluloid-essentials (0.20.5)
      timers (>= 4.1.1)
    celluloid-extras (0.20.5)
      timers (>= 4.1.1)
    celluloid-fsm (0.20.5)
      timers (>= 4.1.1)
    celluloid-pool (0.20.5)
      timers (>= 4.1.1)
    celluloid-supervision (0.20.6)
      timers (>= 4.1.1)
    faraday (0.15.1)
      multipart-post (>= 1.2, < 3)
    faraday_middleware (0.12.2)
      faraday (>= 0.7.4, < 1.0)
    hitimes (1.2.6)
    htmlentities (4.3.4)
    jmespath (1.4.0)
    json (1.8.6)
    json-stream (0.2.1)
    json-write-stream (1.2.0)
      json_pure (~> 1.8.0)
    json_pure (1.8.6)
    mime-types (2.99.3)
    mini_portile2 (2.1.0)
    multi_json (1.13.1)
    multipart-post (2.0.0)
    nokogiri (1.7.2)
      mini_portile2 (~> 2.1.0)
    octokit (4.9.0)
      sawyer (~> 0.8.0, >= 0.5.3)
    parseconfig (1.0.8)
    public_suffix (3.0.2)
    puma (3.11.4)
    rack (1.6.10)
    rack-protection (1.5.5)
      rack
    rack-test (1.0.0)
      rack (>= 1.0, < 3)
    rake (12.3.1)
    rubyzip (1.1.2)
    sawyer (0.8.1)
      addressable (>= 2.3.5, < 2.6)
      faraday (~> 0.8, < 1.0)
    sinatra (1.4.8)
      rack (~> 1.5)
      rack-protection (~> 1.4)
      tilt (>= 1.3, < 3)
    sinatra-contrib (1.4.7)
      backports (>= 2.0)
      multi_json
      rack-protection
      rack-test
      sinatra (~> 1.4.0)
      tilt (>= 1.3, < 3)
    tilt (2.0.8)
    timers (4.1.2)
      hitimes
    txgh (6.6.0)
      abroad (~> 4.4)
      celluloid
      faraday (~> 0.9)
      faraday_middleware (~> 0.10)
      json (~> 1.8)
      octokit (~> 4.2)
      parseconfig (~> 1.0)
    txgh-queue (2.0.0)
      aws-sdk (~> 2.0)
      sinatra (~> 1.4)
      sinatra-contrib (~> 1.4)
      txgh (~> 6.0)
      txgh-server (~> 3.0)
    txgh-server (3.0.0)
      mime-types (~> 2.0)
      rubyzip (>= 1.0, <= 1.1.2)
      sinatra (~> 1.4)
      sinatra-contrib (~> 1.4)
      txgh (~> 6.1)
    xml-write-stream (1.1.0)
    yaml-write-stream (2.0.2)

PLATFORMS
  ruby

DEPENDENCIES
  puma
  rack
  rake
  txgh (~> 6.0)
  txgh-queue (~> 2.0)
  txgh-server (~> 3.0)

BUNDLED WITH
   1.16.2
