PATH
  remote: .
  specs:
    txgh-server (1.0.0)
      mime-types (~> 2.0)
      rubyzip (>= 1.0, <= 1.1.2)
      sinatra (~> 1.4)
      sinatra-contrib (~> 1.4)

PATH
  remote: ~/workspace/txgh/txgh
  specs:
    txgh (5.3.4)
      abroad (~> 4.0)
      faraday (~> 0.9)
      faraday_middleware (~> 0.10)
      json (~> 1.8)
      octokit (~> 4.2)
      parseconfig (~> 1.0)

GEM
  remote: https://rubygems.org/
  specs:
    abroad (4.0.3)
      htmlentities (~> 4.0)
      json-stream (~> 0.0)
      json-write-stream (~> 1.1)
      nokogiri (~> 1.0)
      xml-write-stream (~> 1.0)
      yaml-write-stream (~> 2.0)
    addressable (2.4.0)
    backports (3.6.8)
    byebug (9.0.5)
    coderay (1.1.1)
    crack (0.4.3)
      safe_yaml (~> 1.0.0)
    diff-lcs (1.2.5)
    faraday (0.9.2)
      multipart-post (>= 1.2, < 3)
    faraday_middleware (0.10.0)
      faraday (>= 0.7.4, < 0.10)
    hashdiff (0.3.0)
    htmlentities (4.3.4)
    json (1.8.3)
    json-stream (0.2.1)
    json-write-stream (1.1.0)
      json_pure (~> 1.8.0)
    json_pure (1.8.3)
    method_source (0.8.2)
    mime-types (2.99.2)
    mini_portile2 (2.1.0)
    multi_json (1.12.1)
    multipart-post (2.0.0)
    nokogiri (1.6.8)
      mini_portile2 (~> 2.1.0)
      pkg-config (~> 1.1.7)
    octokit (4.3.0)
      sawyer (~> 0.7.0, >= 0.5.3)
    parseconfig (1.0.8)
    pkg-config (1.1.7)
    pry (0.10.4)
      coderay (~> 1.1.0)
      method_source (~> 0.8.1)
      slop (~> 3.4)
    pry-byebug (3.4.0)
      byebug (~> 9.0)
      pry (~> 0.10)
    rack (1.6.4)
    rack-protection (1.5.3)
      rack
    rack-test (0.6.3)
      rack (>= 1.0)
    rake (11.2.2)
    rspec (3.5.0)
      rspec-core (~> 3.5.0)
      rspec-expectations (~> 3.5.0)
      rspec-mocks (~> 3.5.0)
    rspec-core (3.5.1)
      rspec-support (~> 3.5.0)
    rspec-expectations (3.5.0)
      diff-lcs (>= 1.2.0, < 2.0)
      rspec-support (~> 3.5.0)
    rspec-mocks (3.5.0)
      diff-lcs (>= 1.2.0, < 2.0)
      rspec-support (~> 3.5.0)
    rspec-support (3.5.0)
    rubyzip (1.1.2)
    safe_yaml (1.0.4)
    sawyer (0.7.0)
      addressable (>= 2.3.5, < 2.5)
      faraday (~> 0.8, < 0.10)
    sinatra (1.4.7)
      rack (~> 1.5)
      rack-protection (~> 1.4)
      tilt (>= 1.3, < 3)
    sinatra-contrib (1.4.7)
      backports (>= 2.0)
      multi_json
      rack-protection
      rack-test
      sinatra (~> 1.4.0)
      tilt (>= 1.3, < 3)
    slop (3.6.0)
    tilt (2.0.5)
    vcr (3.0.3)
    webmock (1.24.6)
      addressable (>= 2.3.6)
      crack (>= 0.3.2)
      hashdiff
    xml-write-stream (1.1.0)
    yaml-write-stream (2.0.1)

PLATFORMS
  ruby

DEPENDENCIES
  pry-byebug
  rack-test
  rake
  rspec
  txgh!
  txgh-server!
  vcr (~> 3.0)
  webmock (~> 1.0)

BUNDLED WITH
   1.12.5
